GEM
  remote: https://rubygems.org/
  specs:
    colorize (0.8.1)
    diff-lcs (1.4.4)
    espeak-ruby (1.0.4)
    rspec (3.10.0)
      rspec-core (~> 3.10.0)
      rspec-expectations (~> 3.10.0)
      rspec-mocks (~> 3.10.0)
    rspec-core (3.10.1)
      rspec-support (~> 3.10.0)
    rspec-expectations (3.10.1)
      diff-lcs (>= 1.2.0, < 2.0)
      rspec-support (~> 3.10.0)
    rspec-mocks (3.10.2)
      diff-lcs (>= 1.2.0, < 2.0)
      rspec-support (~> 3.10.0)
    rspec-support (3.10.2)

PLATFORMS
  universal-darwin-20

DEPENDENCIES
  colorize (~> 0.8.1)
  espeak-ruby (~> 1.0)
  rspec (~> 3.10)

BUNDLED WITH
   2.2.17
